GEM
  remote: https://rubygems.org/
  specs:
    concurrent-ruby (1.1.4)
    faker (1.9.1)
      i18n (>= 0.7)
    i18n (1.5.2)
      concurrent-ruby (~> 1.0)
    mac-say (0.2.1)

PLATFORMS
  ruby

DEPENDENCIES
  faker
  mac-say

BUNDLED WITH
   2.0.1
